GIT
  remote: git://github.com/Roman2K/metacli.git
  revision: d5668d1c1cf5cae42f2a49d15a75f2d0cf3a7a5c
  specs:
    metacli (0.1.0)

GIT
  remote: git://github.com/Roman2K/utils-ruby.git
  revision: 1082c7841049dd5d504594ffd4382b44eeb9149d
  specs:
    utils-ruby (0.1.0)

GEM
  remote: https://rubygems.org/
  specs:
    coderay (1.1.2)
    method_source (0.9.2)
    mini_portile2 (2.4.0)
    minitest (5.11.3)
    nokogiri (1.10.3)
      mini_portile2 (~> 2.4.0)
    pry (0.12.2)
      coderay (~> 1.1.0)
      method_source (~> 0.9.0)

PLATFORMS
  ruby

DEPENDENCIES
  metacli!
  minitest
  nokogiri
  pry
  utils-ruby!

BUNDLED WITH
   2.0.1
