GIT
  remote: https://github.com/Roman2K/metacli.git
  revision: 3eb064e27e1e7b2a19280199b1e76e49ccdda634
  specs:
    metacli (0.1.0)

GIT
  remote: https://github.com/Roman2K/utils-ruby.git
  revision: 59d449b37300869265b584921b660a18aafdd884
  specs:
    utils-ruby (0.1.0)

GEM
  remote: https://rubygems.org/
  specs:
    coderay (1.1.2)
    method_source (0.9.2)
    mini_portile2 (2.4.0)
    minitest (5.11.3)
    nokogiri (1.10.3)
      mini_portile2 (~> 2.4.0)
    pry (0.12.2)
      coderay (~> 1.1.0)
      method_source (~> 0.9.0)

PLATFORMS
  ruby

DEPENDENCIES
  metacli!
  minitest
  nokogiri
  pry
  utils-ruby!

BUNDLED WITH
   2.0.2
