GIT
  remote: https://github.com/Roman2K/metacli.git
  revision: 28d4ca7a3f9975f1087d3612fd4eb002db345f5c
  specs:
    metacli (0.1.0)

GIT
  remote: https://github.com/Roman2K/utils-ruby.git
  revision: 28db43bdb33c12e4b1829a70f121bc9b972e924b
  specs:
    utils-ruby (0.1.0)
      net_http_unix (~> 0.2)

GEM
  remote: https://rubygems.org/
  specs:
    coderay (1.1.3)
    method_source (1.0.0)
    mini_portile2 (2.5.3)
    minitest (5.14.4)
    net_http_unix (0.2.2)
    nokogiri (1.11.4)
      mini_portile2 (~> 2.5.0)
      racc (~> 1.4)
    pry (0.14.1)
      coderay (~> 1.1)
      method_source (~> 1.0)
    racc (1.5.2)

PLATFORMS
  ruby

DEPENDENCIES
  metacli!
  minitest
  nokogiri
  pry
  utils-ruby!

BUNDLED WITH
   2.1.4
