GIT
  remote: https://github.com/Roman2K/utils-ruby.git
  revision: 59d449b37300869265b584921b660a18aafdd884
  specs:
    utils-ruby (0.1.0)

GEM
  remote: https://rubygems.org/
  specs:
    coderay (1.1.2)
    hashie (3.6.0)
    httmultiparty (0.3.16)
      httparty (>= 0.7.3)
      mimemagic
      multipart-post
    httparty (0.17.0)
      mime-types (~> 3.0)
      multi_xml (>= 0.5.2)
    method_source (0.9.2)
    mime-types (3.2.2)
      mime-types-data (~> 3.2015)
    mime-types-data (3.2019.0331)
    mimemagic (0.3.3)
    minitest (5.11.3)
    multi_xml (0.6.0)
    multipart-post (2.0.0)
    pry (0.12.2)
      coderay (~> 1.1.0)
      method_source (~> 0.9.0)
    soundcloud (0.3.4)
      hashie
      httmultiparty (~> 0.3.0)

PLATFORMS
  ruby

DEPENDENCIES
  minitest
  pry
  soundcloud
  utils-ruby!

BUNDLED WITH
   2.0.2
